PATH
  remote: .
  specs:
    mws-rb (0.0.1)
      activesupport (~> 3.0)
      httparty (~> 0.11.0)
      nokogiri (~> 1.5.0)

GEM
  remote: http://rubygems.org/
  specs:
    activesupport (3.2.14)
      i18n (~> 0.6, >= 0.6.4)
      multi_json (~> 1.0)
    httparty (0.11.0)
      multi_json (~> 1.0)
      multi_xml (>= 0.5.2)
    i18n (0.6.5)
    multi_json (1.7.9)
    multi_xml (0.5.5)
    nokogiri (1.5.10)

PLATFORMS
  ruby

DEPENDENCIES
  mws-rb!
